RESTRICTION: == net461
NUGET
  remote: https://api.nuget.org/v3/index.json
    AspNetCore.Security.CAS (2.0.4)
    Chessie (0.6)
      FSharp.Core
    Dapper (1.50.5)
    dotnet-saturn (0.7.2) - clitool: true
    FSharp.Configuration (1.5)
      FSharp.Core (>= 4.0.0.1)
    FSharp.Core (4.5)
    FSharp.Data (3.0)
      FSharp.Core (>= 4.0.0.1)
    FsToolkit.ErrorHandling (0.0.9)
      FSharp.Core (>= 4.5)
    FsUnit.xUnit (3.2)
      FSharp.Core (>= 4.2.3)
      NHamcrest (>= 2.0.1 < 2.1)
      xunit (>= 2.4 < 3.0)
    Giraffe (3.4)
      FSharp.Core (>= 4.5.2)
      Microsoft.AspNetCore.Authentication (>= 2.1.2)
      Microsoft.AspNetCore.Authorization (>= 2.1.2)
      Microsoft.AspNetCore.Diagnostics (>= 2.1.1)
      Microsoft.AspNetCore.Hosting.Abstractions (>= 2.1.1)
      Microsoft.AspNetCore.ResponseCaching (>= 2.1.1)
      Newtonsoft.Json (>= 11.0.2)
      System.Text.RegularExpressions (>= 4.3)
      System.ValueTuple (>= 4.4)
      System.Xml.XmlSerializer (>= 4.3)
      TaskBuilder.fs (>= 2.1)
      Utf8Json (>= 1.3.7)
    Microsoft.AspNetCore (2.2)
    Microsoft.AspNetCore.Antiforgery (2.2)
    Microsoft.AspNetCore.Authentication (2.2)
    Microsoft.AspNetCore.Authentication.Cookies (2.2)
    Microsoft.AspNetCore.Authentication.JwtBearer (2.2)
    Microsoft.AspNetCore.Authentication.OAuth (2.2)
    Microsoft.AspNetCore.Authorization (2.2)
    Microsoft.AspNetCore.Cors (2.2)
    Microsoft.AspNetCore.Diagnostics (2.2)
    Microsoft.AspNetCore.Hosting.Abstractions (2.2)
    Microsoft.AspNetCore.Http.Extensions (2.2)
    Microsoft.AspNetCore.ResponseCaching (2.2)
    Microsoft.AspNetCore.ResponseCompression (2.2)
      Microsoft.AspNetCore.Http.Extensions (>= 2.2)
      Microsoft.Extensions.Logging.Abstractions (>= 2.2)
      Microsoft.Extensions.Options (>= 2.2)
    Microsoft.AspNetCore.Rewrite (2.2)
    Microsoft.AspNetCore.Session (2.2)
    Microsoft.AspNetCore.StaticFiles (2.2)
    Microsoft.Data.Sqlite (2.2)
    Microsoft.Extensions.Caching.Memory (2.2)
    Microsoft.Extensions.Logging.Abstractions (2.2)
    Microsoft.Extensions.Options (2.2)
    Newtonsoft.Json (12.0.1)
    NHamcrest (2.0.1)
    NLog (4.5.11)
    Saturn (0.8)
      FSharp.Core (>= 4.2.3)
      Giraffe (>= 3.4 < 4.0)
      Microsoft.AspNetCore (>= 2.1)
      Microsoft.AspNetCore.Antiforgery (>= 2.1)
      Microsoft.AspNetCore.Authentication.Cookies (>= 2.1)
      Microsoft.AspNetCore.Authentication.JwtBearer (>= 2.1)
      Microsoft.AspNetCore.Authentication.OAuth (>= 2.1)
      Microsoft.AspNetCore.Authorization (>= 2.1)
      Microsoft.AspNetCore.Cors (>= 2.1)
      Microsoft.AspNetCore.ResponseCompression (>= 2.1)
      Microsoft.AspNetCore.Rewrite (>= 2.1)
      Microsoft.AspNetCore.Session (>= 2.1)
      Microsoft.AspNetCore.StaticFiles (>= 2.1)
      Microsoft.Extensions.Caching.Memory (>= 2.1)
    Serilog (2.7.1)
    Serilog.AspNetCore (2.1.1)
    Serilog.Sinks.Console (3.1.1)
      Serilog (>= 2.5)
    Simple.Migrations (0.9.19)
    System.Reflection.Emit (4.3)
    System.Reflection.Emit.Lightweight (4.3)
    System.Runtime.CompilerServices.Unsafe (4.5.2)
    System.Text.RegularExpressions (4.3)
    System.Threading.Tasks.Extensions (4.5.1)
      System.Runtime.CompilerServices.Unsafe (>= 4.5)
    System.ValueTuple (4.5)
    System.Xml.XmlSerializer (4.3)
    TaskBuilder.fs (2.1)
      FSharp.Core (>= 4.1.17)
      System.ValueTuple (>= 4.4)
    Utf8Json (1.3.7)
      System.Reflection.Emit (>= 4.3)
      System.Reflection.Emit.Lightweight (>= 4.3)
      System.Threading.Tasks.Extensions (>= 4.4)
      System.ValueTuple (>= 4.4)
    xunit (2.4.1)
      xunit.analyzers (>= 0.10)
      xunit.assert (2.4.1)
      xunit.core (2.4.1)
    xunit.abstractions (2.0.3)
    xunit.analyzers (0.10)
    xunit.assert (2.4.1)
    xunit.core (2.4.1)
      xunit.extensibility.core (2.4.1)
      xunit.extensibility.execution (2.4.1)
    xunit.extensibility.core (2.4.1)
      xunit.abstractions (>= 2.0.3)
    xunit.extensibility.execution (2.4.1)
      xunit.extensibility.core (2.4.1)
    xunit.runner.visualstudio (2.4.1)
  remote: https://teamcity.med.arizona.edu/httpAuth/app/nuget/v1/FeedService.svc
    COM.Core (0.5.33-dev)
    COM.Infrastructure (0.5.34-dev)
      COM.Core (>= 0.5.25)
      Newtonsoft.Json (>= 9.0.1)
      NLog (>= 4.4.1)

GROUP Build
NUGET
  remote: https://api.nuget.org/v3/index.json
    FAKE (5.8.4)
    NuGet.CommandLine (4.7.1)
    xunit.runner.console (2.4.1)
