RESTRICTION: == net461
NUGET
  remote: https://api.nuget.org/v3/index.json
    AspNetCore.Security.CAS (2.0.4)
    Dapper (1.50.5)
    dotnet-saturn (0.7.2) - clitool: true
    FSharp.Core (4.5.2)
    FsToolkit.ErrorHandling (0.0.9)
      FSharp.Core (>= 4.5)
    FsUnit.xUnit (3.2)
      FSharp.Core (>= 4.2.3)
      NHamcrest (>= 2.0.1 < 2.1)
      xunit (>= 2.4 < 3.0)
    Giraffe (1.1)
      FSharp.Core (>= 4.2.3)
      Microsoft.AspNetCore.Authentication (>= 2.0.1)
      Microsoft.AspNetCore.Diagnostics (>= 2.0.1)
      Microsoft.AspNetCore.Hosting.Abstractions (>= 2.0.1)
      Newtonsoft.Json (>= 10.0.3)
      System.Text.RegularExpressions (>= 4.3)
      System.ValueTuple (>= 4.4)
      System.Xml.XmlSerializer (>= 4.3)
      TaskBuilder.fs (>= 1.0.1)
    Microsoft.AspNetCore (2.1.4)
    Microsoft.AspNetCore.Antiforgery (2.1.1)
    Microsoft.AspNetCore.Authentication (2.1.2)
    Microsoft.AspNetCore.Authentication.Cookies (2.1.2)
    Microsoft.AspNetCore.Authentication.JwtBearer (2.1.2)
    Microsoft.AspNetCore.Authentication.OAuth (2.1.2)
    Microsoft.AspNetCore.Authorization (2.1.2)
    Microsoft.AspNetCore.Cors (2.1.1)
    Microsoft.AspNetCore.Diagnostics (2.1.1)
    Microsoft.AspNetCore.Hosting.Abstractions (2.1.1)
    Microsoft.AspNetCore.Http.Extensions (2.1.1)
    Microsoft.AspNetCore.ResponseCompression (2.1.1)
      Microsoft.AspNetCore.Http.Extensions (>= 2.1.1)
      Microsoft.Extensions.Options (>= 2.1.1)
    Microsoft.AspNetCore.Rewrite (2.1.1)
    Microsoft.AspNetCore.Session (2.1.1)
    Microsoft.AspNetCore.StaticFiles (2.1.1)
    Microsoft.Data.Sqlite (2.1)
    Microsoft.Extensions.Caching.Memory (2.1.2)
    Microsoft.Extensions.Options (2.1.1)
    Newtonsoft.Json (11.0.2)
    NHamcrest (2.0.1)
    Saturn (0.7.6)
      FSharp.Core (>= 4.2.3)
      Giraffe (>= 1.1)
      Microsoft.AspNetCore (>= 2.1)
      Microsoft.AspNetCore.Antiforgery (>= 2.1)
      Microsoft.AspNetCore.Authentication.Cookies (>= 2.1)
      Microsoft.AspNetCore.Authentication.JwtBearer (>= 2.1)
      Microsoft.AspNetCore.Authentication.OAuth (>= 2.1)
      Microsoft.AspNetCore.Authorization (>= 2.1)
      Microsoft.AspNetCore.Cors (>= 2.1)
      Microsoft.AspNetCore.ResponseCompression (>= 2.1)
      Microsoft.AspNetCore.Rewrite (>= 2.1)
      Microsoft.AspNetCore.Session (>= 2.1)
      Microsoft.AspNetCore.StaticFiles (>= 2.1)
      Microsoft.Extensions.Caching.Memory (>= 2.1)
    Simple.Migrations (0.9.19)
    System.Text.RegularExpressions (4.3)
    System.ValueTuple (4.5)
    System.Xml.XmlSerializer (4.3)
    TaskBuilder.fs (2.1)
      FSharp.Core (>= 4.1.17)
      System.ValueTuple (>= 4.4)
    xunit (2.4.1)
      xunit.analyzers (>= 0.10)
      xunit.assert (2.4.1)
      xunit.core (2.4.1)
    xunit.abstractions (2.0.3)
    xunit.analyzers (0.10)
    xunit.assert (2.4.1)
    xunit.core (2.4.1)
      xunit.extensibility.core (2.4.1)
      xunit.extensibility.execution (2.4.1)
    xunit.extensibility.core (2.4.1)
      xunit.abstractions (>= 2.0.3)
    xunit.extensibility.execution (2.4.1)
      xunit.extensibility.core (2.4.1)
    xunit.runner.visualstudio (2.4.1)

GROUP Build
NUGET
  remote: https://api.nuget.org/v3/index.json
    FAKE (5.8.4)
    NuGet.CommandLine (4.7.1)
    xunit.runner.console (2.4.1)
